GEM
  remote: http://rubygems.org/
  specs:
    activesupport (3.1.3)
      multi_json (~> 1.0)
    curb (0.7.16)
    diff-lcs (1.1.3)
    git (1.2.5)
    jeweler (1.8.4)
      bundler (~> 1.0)
      git (>= 1.2.5)
      rake
      rdoc
    json (1.8.0)
    multi_json (1.0.4)
    rake (10.0.4)
    rcov (0.9.11)
    rdoc (4.0.1)
      json (~> 1.4)
    rspec (2.5.0)
      rspec-core (~> 2.5.0)
      rspec-expectations (~> 2.5.0)
      rspec-mocks (~> 2.5.0)
    rspec-core (2.5.2)
    rspec-expectations (2.5.0)
      diff-lcs (~> 1.1.2)
    rspec-mocks (2.5.0)

PLATFORMS
  ruby

DEPENDENCIES
  activesupport
  bundler (>= 1.0.0)
  curb (>= 0.7.12)
  jeweler (~> 1.8.4)
  json (~> 1.8.0)
  rcov
  rspec (~> 2.5.0)
